GEM
  remote: http://rubygems.org/
  specs:
    git (1.2.5)
    jeweler (1.6.4)
      bundler (~> 1.0)
      git (>= 1.2.5)
      rake
    mocha (0.9.12)
    rake (0.8.7)
    rake-compiler (0.7.9)
      rake
    rcov (0.9.9)
    shoulda (2.11.3)
    state_machine (1.0.1)

PLATFORMS
  ruby

DEPENDENCIES
  bundler (~> 1.0.0)
  jeweler (~> 1.6.4)
  mocha (~> 0.9.12)
  rake-compiler (~> 0.7.9)
  rcov (>= 0.9.9)
  shoulda (>= 2.11.3)
  state_machine (~> 1.0.1)
